GIT
  remote: git://github.com/GoogleCloudPlatform/gcloud-ruby.git
  revision: bde4915fe7baffae8326ed93b4ffcf3dc2de7c54
  branch: master
  specs:
    gcloud (0.6.1)
      beefcake (~> 1.0)
      digest-crc (~> 0.4)
      google-api-client (~> 0.8.3)
      mime-types (~> 2.4)
      zonefile (~> 1.04)

PATH
  remote: .
  specs:
    logging-google-cloud (1.0.0)
      gcloud (~> 0.6)
      logging (~> 2.0)

GEM
  remote: http://rubygems.org/
  specs:
    activesupport (4.2.5.1)
      i18n (~> 0.7)
      json (~> 1.7, >= 1.7.7)
      minitest (~> 5.1)
      thread_safe (~> 0.3, >= 0.3.4)
      tzinfo (~> 1.1)
    addressable (2.4.0)
    autoparse (0.3.3)
      addressable (>= 2.3.1)
      extlib (>= 0.9.15)
      multi_json (>= 1.0.0)
    beefcake (1.1.0)
    digest-crc (0.4.1)
    extlib (0.9.16)
    faraday (0.9.2)
      multipart-post (>= 1.2, < 3)
    google-api-client (0.8.6)
      activesupport (>= 3.2)
      addressable (~> 2.3)
      autoparse (~> 0.3)
      extlib (~> 0.9)
      faraday (~> 0.9)
      googleauth (~> 0.3)
      launchy (~> 2.4)
      multi_json (~> 1.10)
      retriable (~> 1.4)
      signet (~> 0.6)
    googleauth (0.5.1)
      faraday (~> 0.9)
      jwt (~> 1.4)
      logging (~> 2.0)
      memoist (~> 0.12)
      multi_json (~> 1.11)
      os (~> 0.9)
      signet (~> 0.7)
    i18n (0.7.0)
    json (1.8.3)
    jwt (1.5.2)
    launchy (2.4.3)
      addressable (~> 2.3)
    little-plugger (1.1.4)
    logging (2.0.0)
      little-plugger (~> 1.1)
      multi_json (~> 1.10)
    memoist (0.14.0)
    mime-types (2.99)
    minitest (5.8.4)
    multi_json (1.11.2)
    multipart-post (2.0.0)
    os (0.9.6)
    retriable (1.4.1)
    signet (0.7.2)
      addressable (~> 2.3)
      faraday (~> 0.9)
      jwt (~> 1.5)
      multi_json (~> 1.10)
    thread_safe (0.3.5)
    tzinfo (1.2.2)
      thread_safe (~> 0.1)
    zonefile (1.04)

PLATFORMS
  ruby

DEPENDENCIES
  gcloud!
  logging-google-cloud!

BUNDLED WITH
   1.11.2
